GEM
  remote: https://rubygems.org/
  specs:
    awesome_print (1.8.0)
    nio4r (2.5.2)
    puma (4.3.0)
      nio4r (~> 2.0)
    rack (2.0.7)
    rake (13.0.1)
    roda (3.26.0)
      rack
    slim (4.0.1)
      temple (>= 0.7.6, < 0.9)
      tilt (>= 2.0.6, < 2.1)
    temple (0.8.2)
    tilt (2.0.10)

PLATFORMS
  ruby

DEPENDENCIES
  awesome_print
  puma
  rake
  roda
  slim
  tilt

BUNDLED WITH
   2.0.2
